GEM
  remote: https://rubygems.org/
  specs:
    pdf-core (0.2.5)
    prawn (1.0.0)
      pdf-core (~> 0.2.2)
      ttfunk (~> 1.1.1)
    rack (1.5.2)
    rack-protection (1.5.3)
      rack
    sinatra (1.4.5)
      rack (~> 1.4)
      rack-protection (~> 1.4)
      tilt (~> 1.3, >= 1.3.4)
    tilt (1.4.1)
    ttfunk (1.1.1)

PLATFORMS
  ruby
  x86-mingw32

DEPENDENCIES
  prawn (~> 1.0.0)
  sinatra (~> 1.4.5)
